PATH
  remote: .
  specs:
    generate_third_party (1.10.0)
      sorbet-runtime (~> 0.5)

GEM
  remote: https://rubygems.org/
  specs:
    ast (2.4.2)
    bundler-audit (0.9.1)
      bundler (>= 1.2.0, < 3)
      thor (~> 1.0)
    diff-lcs (1.5.0)
    json (2.6.3)
    netrc (0.11.0)
    parallel (1.23.0)
    parser (3.2.2.1)
      ast (~> 2.4.1)
    rainbow (3.1.1)
    rake (13.0.6)
    rbi (0.0.16)
      ast
      parser (>= 2.6.4.0)
      sorbet-runtime (>= 0.5.9204)
      unparser
    regexp_parser (2.8.0)
    rexml (3.2.5)
    rubocop (1.50.2)
      json (~> 2.3)
      parallel (~> 1.10)
      parser (>= 3.2.0.0)
      rainbow (>= 2.2.2, < 4.0)
      regexp_parser (>= 1.8, < 3.0)
      rexml (>= 3.2.5, < 4.0)
      rubocop-ast (>= 1.28.0, < 2.0)
      ruby-progressbar (~> 1.7)
      unicode-display_width (>= 2.4.0, < 3.0)
    rubocop-ast (1.28.0)
      parser (>= 3.2.1.0)
    rubocop-rake (0.6.0)
      rubocop (~> 1.0)
    rubocop-sorbet (0.7.0)
      rubocop (>= 0.90.0)
    ruby-progressbar (1.13.0)
    sorbet (0.5.10746)
      sorbet-static (= 0.5.10746)
    sorbet-runtime (0.5.10746)
    sorbet-static (0.5.10746-universal-darwin-19)
    sorbet-static (0.5.10746-universal-darwin-20)
    sorbet-static (0.5.10746-universal-darwin-21)
    sorbet-static (0.5.10746-universal-darwin-22)
    sorbet-static (0.5.10746-x86_64-linux)
    sorbet-static-and-runtime (0.5.10746)
      sorbet (= 0.5.10746)
      sorbet-runtime (= 0.5.10746)
    spoom (1.2.1)
      sorbet (>= 0.5.10187)
      sorbet-runtime (>= 0.5.9204)
      thor (>= 0.19.2)
    tapioca (0.11.4)
      bundler (>= 2.2.25)
      netrc (>= 0.11.0)
      parallel (>= 1.21.0)
      rbi (~> 0.0.0, >= 0.0.16)
      sorbet-static-and-runtime (>= 0.5.10187)
      spoom (~> 1.2.0, >= 1.2.0)
      thor (>= 1.2.0)
      yard-sorbet
    thor (1.2.1)
    unicode-display_width (2.4.2)
    unparser (0.6.7)
      diff-lcs (~> 1.3)
      parser (>= 3.2.0)
    webrick (1.7.0)
    yard (0.9.28)
      webrick (~> 1.7.0)
    yard-sorbet (0.8.0)
      sorbet-runtime (>= 0.5)
      yard (>= 0.9)

PLATFORMS
  x86_64-darwin-19
  x86_64-darwin-20
  x86_64-darwin-21
  x86_64-darwin-22
  x86_64-linux

DEPENDENCIES
  bundler-audit (~> 0.9)
  generate_third_party!
  rake (>= 12.3.3)
  rubocop (~> 1.50)
  rubocop-rake (~> 0.6)
  rubocop-sorbet (~> 0.7)
  sorbet (~> 0.5)
  tapioca (~> 0.11)

BUNDLED WITH
   2.4.12
